GEM
  remote: https://rubygems.org/
  specs:
    commonjs (0.2.6)
    daemons (1.1.9)
    eventmachine (1.0.0)
    faraday (0.8.4)
      multipart-post (~> 1.1)
    faraday_middleware (0.8.8)
      faraday (>= 0.7.4, < 0.9)
    hashie (1.2.0)
    json (1.7.5)
    less (2.2.2)
      commonjs (~> 0.2.6)
    libv8 (3.3.10.4)
    multipart-post (1.1.5)
    rack (1.4.1)
    rack-protection (1.2.0)
      rack
    shotgun (0.9)
      rack (>= 1.0)
    sinatra (1.3.3)
      rack (~> 1.3, >= 1.3.6)
      rack-protection (~> 1.2)
      tilt (~> 1.3, >= 1.3.3)
    therubyracer (0.10.2)
      libv8 (~> 3.3.10)
    thin (1.5.0)
      daemons (>= 1.0.9)
      eventmachine (>= 0.12.6)
      rack (>= 1.0.0)
    tilt (1.3.3)

PLATFORMS
  ruby

DEPENDENCIES
  faraday
  faraday_middleware
  hashie
  json
  less
  shotgun
  sinatra
  therubyracer
  thin
